GEM
  remote: https://rubygems.org/
  specs:
    addressable (2.3.8)
    backports (3.6.5)
    bcrypt (3.1.10)
    bcrypt-ruby (3.1.5)
      bcrypt (>= 3.1.3)
    beaneater (1.0.0)
    daemons (1.2.3)
    data_mapper (1.2.0)
      dm-aggregates (~> 1.2.0)
      dm-constraints (~> 1.2.0)
      dm-core (~> 1.2.0)
      dm-migrations (~> 1.2.0)
      dm-serializer (~> 1.2.0)
      dm-timestamps (~> 1.2.0)
      dm-transactions (~> 1.2.0)
      dm-types (~> 1.2.0)
      dm-validations (~> 1.2.0)
    data_objects (0.10.16)
      addressable (~> 2.1)
    dm-aggregates (1.2.0)
      dm-core (~> 1.2.0)
    dm-constraints (1.2.0)
      dm-core (~> 1.2.0)
    dm-core (1.2.1)
      addressable (~> 2.3)
    dm-do-adapter (1.2.0)
      data_objects (~> 0.10.6)
      dm-core (~> 1.2.0)
    dm-migrations (1.2.0)
      dm-core (~> 1.2.0)
    dm-postgres-adapter (1.2.0)
      dm-do-adapter (~> 1.2.0)
      do_postgres (~> 0.10.6)
    dm-serializer (1.2.2)
      dm-core (~> 1.2.0)
      fastercsv (~> 1.5)
      json (~> 1.6)
      json_pure (~> 1.6)
      multi_json (~> 1.0)
    dm-timestamps (1.2.0)
      dm-core (~> 1.2.0)
    dm-transactions (1.2.0)
      dm-core (~> 1.2.0)
    dm-types (1.2.2)
      bcrypt-ruby (~> 3.0)
      dm-core (~> 1.2.0)
      fastercsv (~> 1.5)
      json (~> 1.6)
      multi_json (~> 1.0)
      stringex (~> 1.4)
      uuidtools (~> 2.1)
    dm-validations (1.2.0)
      dm-core (~> 1.2.0)
    do_postgres (0.10.16)
      data_objects (= 0.10.16)
    em-synchrony (1.0.4)
      eventmachine (>= 1.0.0.beta.1)
    eventmachine (1.0.7)
    fastercsv (1.5.5)
    hiredis (0.6.0)
    i18n (0.7.0)
    json (1.8.3)
    json_pure (1.8.2)
    multi_json (1.11.1)
    pg (0.18.2)
    rack (1.6.4)
    rack-protection (1.5.3)
      rack
    rack-test (0.6.3)
      rack (>= 1.0)
    rake (10.4.2)
    redis (3.2.1)
    ruby-enum (0.4.0)
      i18n
    ruby-ip (0.9.3)
    sequel (4.26.0)
    sequel_pg (1.6.13)
      pg (>= 0.8.0)
      sequel (>= 3.39.0)
    sinatra (1.4.6)
      rack (~> 1.4)
      rack-protection (~> 1.4)
      tilt (>= 1.3, < 3)
    sinatra-contrib (1.4.6)
      backports (>= 2.0)
      multi_json
      rack-protection
      rack-test
      sinatra (~> 1.4.0)
      tilt (>= 1.3, < 3)
    stringex (1.5.1)
    themis-attack-result (3.0.0)
      ruby-enum
    themis-checker-result (1.0.0)
      ruby-enum
    thin (1.6.3)
      daemons (~> 1.0, >= 1.0.9)
      eventmachine (~> 1.0)
      rack (~> 1.0)
    tilt (2.0.1)
    uuidtools (2.1.5)

PLATFORMS
  ruby

DEPENDENCIES
  beaneater
  data_mapper
  dm-postgres-adapter
  em-synchrony
  eventmachine
  hiredis
  json
  rake
  redis
  ruby-ip
  sequel
  sequel_pg
  sinatra
  sinatra-contrib
  themis-attack-result
  themis-checker-result
  thin

BUNDLED WITH
   1.10.4
